GIT
  remote: https://github.com/cf-buildpacks/base_packager.git
  revision: 4e5e74d4846c4972783099eb8fcc5dc0ba6a7365
  ref: 4e5e74d
  specs:
    base_packager (0.0.1)
      rubyzip

GEM
  remote: https://rubygems.org/
  specs:
    rubyzip (1.1.3)

PLATFORMS
  ruby

DEPENDENCIES
  base_packager!
